GEM
  remote: http://rubygems.org/
  remote: http://gems.github.com/
  specs:
    actionmailer (2.3.2)
      actionpack (= 2.3.2)
    actionpack (2.3.2)
      activesupport (= 2.3.2)
    activerecord (2.3.2)
      activesupport (= 2.3.2)
    activeresource (2.3.2)
      activesupport (= 2.3.2)
    activesupport (2.3.2)
    addressable (2.2.2)
    attr_encrypted (1.1.2)
      eigenclass (>= 1.1.1)
      encryptor (>= 1.1.0)
      mocha (>= 0.9.8)
    aws-s3 (0.6.2)
      builder
      mime-types
      xml-simple
    brianmario-yajl-ruby (0.6.3)
    builder (2.1.2)
    chriseppstein-compass (0.8.17)
      haml (>= 2.2.0)
    curb (0.7.8)
    daemons (1.1.0)
    eigenclass (1.1.1)
    em-http-request (0.2.14)
      addressable (>= 2.0.0)
      eventmachine (>= 0.12.9)
    encryptor (1.1.1)
    eventmachine (0.12.10)
    feedzirra (0.0.19)
      activesupport (>= 2.0.0)
      builder (>= 2.1.2)
      curb (>= 0.2.3)
      loofah (>= 0.3.1)
      nokogiri (> 0.0.0)
      sax-machine (>= 0.0.12)
    haml (3.0.24)
    loofah (1.0.0)
      nokogiri (>= 1.3.3)
    macaddr (1.0.0)
    mechanize (1.0.0)
      nokogiri (>= 1.2.1)
    mime-types (1.16)
    mocha (0.9.9)
      rake
    mysqlplus (0.1.2)
    nokogiri (1.4.4)
    rack (1.2.1)
    rails (2.3.2)
      actionmailer (= 2.3.2)
      actionpack (= 2.3.2)
      activerecord (= 2.3.2)
      activeresource (= 2.3.2)
      activesupport (= 2.3.2)
      rake (>= 0.8.3)
    rake (0.8.7)
    sax-machine (0.0.15)
      nokogiri (> 0.0.0)
    spreedly (1.3.3)
      mechanize
    sprockets (1.0.2)
    thin (1.2.7)
      daemons (>= 1.0.9)
      eventmachine (>= 0.12.6)
      rack (>= 1.0.0)
    tmm1-amqp (0.6.4)
      eventmachine (>= 0.12.4)
    uuid (2.3.1)
      macaddr (~> 1.0)
    xml-simple (1.0.12)

PLATFORMS
  ruby

DEPENDENCIES
  attr_encrypted
  aws-s3
  brianmario-yajl-ruby
  chriseppstein-compass
  em-http-request
  eventmachine
  feedzirra (= 0.0.19)
  haml
  mocha
  mysqlplus
  nokogiri
  rails (= 2.3.2)
  spreedly
  sprockets
  thin
  tmm1-amqp
  uuid
