GIT
  remote: git://github.com/aaronchi/jrails.git
  revision: 712ccd1245d2871c7018a1c095f27db243209c46
  specs:
    jrails (0.6.0)

GIT
  remote: git://github.com/macournoyer/em-spec.git
  revision: 50f00cae29579e5cbcd856e8995bf44435f16a3f
  specs:
    em-spec (0.1.3)
      bacon (>= 1.1.0)
      eventmachine (>= 0.12.6)
      rspec (>= 1.1.12)

GEM
  remote: http://rubygems.org/
  specs:
    actionmailer (2.3.10)
      actionpack (= 2.3.10)
    actionpack (2.3.10)
      activesupport (= 2.3.10)
      rack (~> 1.1.0)
    activerecord (2.3.10)
      activesupport (= 2.3.10)
    activeresource (2.3.10)
      activesupport (= 2.3.10)
    activesupport (2.3.10)
    acts_as_state_machine (2.2.0)
      activerecord (>= 2.1)
    addressable (2.2.2)
    after_commit (1.0.8)
      activerecord (< 3.0.0)
    amqp (0.6.7)
      eventmachine (>= 0.12.4)
    attr_encrypted (1.1.2)
      eigenclass (>= 1.1.1)
      encryptor (>= 1.1.0)
      mocha (>= 0.9.8)
    aws-s3 (0.6.2)
      builder
      mime-types
      xml-simple
    bacon (1.1.0)
    builder (3.0.0)
    closure-compiler (0.3.3)
    compass (0.10.6)
      haml (>= 3.0.4)
    daemons (1.1.0)
    database_cleaner (0.6.0)
    delayed_job (2.0.4)
      daemons
    eigenclass (1.1.1)
    em-http-request (0.2.15)
      addressable (>= 2.0.0)
      eventmachine (>= 0.12.9)
    encryptor (1.1.1)
    eventmachine (0.12.10)
    factory_girl (1.3.2)
    faker (0.3.1)
    fakeweb (1.3.0)
    feed-normalizer (1.5.2)
      hpricot (>= 0.6)
      simple-rss (>= 1.1)
    haml (3.0.24)
    hpricot (0.8.3)
    jammit (0.5.4)
      closure-compiler (>= 0.1.0)
      yui-compressor (>= 0.9.1)
    macaddr (1.0.0)
    mechanize (1.0.0)
      nokogiri (>= 1.2.1)
    mime-types (1.16)
    mocha (0.9.10)
      rake
    moqueue (0.1.4)
      amqp
    mysqlplus (0.1.2)
    nokogiri (1.4.4)
    paperclip (2.3.6)
      activerecord
      activesupport
    rack (1.1.0)
    rails (2.3.10)
      actionmailer (= 2.3.10)
      actionpack (= 2.3.10)
      activerecord (= 2.3.10)
      activeresource (= 2.3.10)
      activesupport (= 2.3.10)
      rake (>= 0.8.3)
    rake (0.8.7)
    riddle (1.2.1)
    rspec (1.3.1)
    rspec-rails (1.3.3)
      rack (>= 1.0.0)
      rspec (= 1.3.1)
    simple-rss (1.2.3)
    spork (0.8.4)
    spreedly (1.3.4)
      mechanize
    talker (0.0.4)
      eventmachine
      yajl-ruby
    thin (1.2.7)
      daemons (>= 1.0.9)
      eventmachine (>= 0.12.6)
      rack (>= 1.0.0)
    thinking-sphinx (1.4.0)
      activerecord (>= 1.15.6, < 3.0.0)
      after_commit (>= 1.0.7)
      riddle (>= 1.2.0)
    uuid (2.3.1)
      macaddr (~> 1.0)
    vcr (1.3.3)
    will_paginate (2.3.15)
    xml-simple (1.0.12)
    yajl-ruby (0.7.8)
    yui-compressor (0.9.1)

PLATFORMS
  ruby

DEPENDENCIES
  acts_as_state_machine
  amqp
  attr_encrypted
  aws-s3
  compass
  database_cleaner
  delayed_job
  em-http-request
  em-spec!
  eventmachine
  factory_girl
  faker
  fakeweb
  feed-normalizer
  haml
  jammit
  jrails!
  mocha
  moqueue
  mysqlplus
  nokogiri
  paperclip
  rails (= 2.3.10)
  rspec (< 2.0.0)
  rspec-rails (< 2.0.0)
  spork
  spreedly
  talker
  thin
  thinking-sphinx
  uuid
  vcr
  will_paginate
  yajl-ruby
  yui-compressor
